GEM
  remote: https://rubygems.org/
  specs:
    mustache (1.1.1)

PLATFORMS
  ruby

DEPENDENCIES
  mustache (~> 1.0)

BUNDLED WITH
   2.1.4
